GIT
  remote: https://github.com/rubencaro/ruby-mysql.git
  revision: bd910c3312d9c26820ef1104e2a04508f8ea0e88
  ref: bd910c3312d9c
  specs:
    ruby-mysql (2.9.11)

GIT
  remote: https://github.com/seancribbs/webmachine-ruby.git
  revision: b051861315c684f85c840f990bc36ae09807d6ad
  ref: b051861315c6
  specs:
    webmachine (1.2.2)
      as-notifications (~> 1.0)
      i18n (>= 0.4.0)
      multi_json

GEM
  remote: https://rubygems.org/
  specs:
    as-notifications (1.0.1)
    celluloid (0.15.2)
      timers (~> 1.1.0)
    celluloid-io (0.15.0)
      celluloid (>= 0.15.0)
      nio4r (>= 0.5.0)
    http (0.6.2)
      http_parser.rb (~> 0.6.0)
    http_parser.rb (0.6.0)
    http_parser.rb (0.6.0-java)
    i18n (0.6.11)
    json (1.8.1)
    json (1.8.1-java)
    multi_json (1.10.1)
    nio4r (1.0.0)
    nio4r (1.0.0-java)
    rack (1.5.2)
    reel (0.5.0)
      celluloid (>= 0.15.1)
      celluloid-io (>= 0.15.0)
      http (>= 0.6.0.pre)
      http_parser.rb (>= 0.6.0)
      websocket_parser (>= 0.1.6)
    slim (2.0.3)
      temple (~> 0.6.6)
      tilt (>= 1.3.3, < 2.1)
    temple (0.6.8)
    tilt (2.0.1)
    timers (1.1.0)
    websocket_parser (0.1.6)

PLATFORMS
  java
  ruby

DEPENDENCIES
  json (= 1.8.1)
  rack (= 1.5.2)
  reel (= 0.5.0)
  ruby-mysql!
  slim (= 2.0.3)
  webmachine!
